GEM
  remote: http://rubygems.org/
  specs:
    activesupport (3.2.7)
      i18n (~> 0.6)
      multi_json (~> 1.0)
    addressable (2.3.2)
    backports (2.6.2)
    capistrano (2.12.0)
      highline
      net-scp (>= 1.0.0)
      net-sftp (>= 2.0.0)
      net-ssh (>= 2.0.14)
      net-ssh-gateway (>= 1.1.0)
    capistrano-unicorn (0.1.6)
      capistrano
    capistrano_colors (0.5.5)
    coffee-script (2.2.0)
      coffee-script-source
      execjs
    coffee-script-source (1.3.3)
    commonjs (0.2.6)
    em-websocket (0.3.8)
      addressable (>= 2.1.1)
      eventmachine (>= 0.12.9)
    eventmachine (0.12.10)
    execjs (1.4.0)
      multi_json (~> 1.0)
    haml (3.1.6)
    highline (1.6.13)
    hike (1.2.1)
    i18n (0.6.0)
    kgio (2.7.4)
    less (2.2.1)
      commonjs (~> 0.2.6)
    libv8 (3.3.10.4)
    multi_json (1.3.6)
    net-scp (1.0.4)
      net-ssh (>= 1.99.1)
    net-sftp (2.0.5)
      net-ssh (>= 2.0.9)
    net-ssh (2.5.2)
    net-ssh-gateway (1.1.0)
      net-ssh (>= 1.99.1)
    rack (1.4.1)
    rack-protection (1.2.0)
      rack
    rack-test (0.6.1)
      rack (>= 1.0)
    raindrops (0.10.0)
    rake (0.9.2.2)
    rvm-capistrano (1.2.5)
      capistrano (>= 2.0.0)
    shotgun (0.9)
      rack (>= 1.0)
    sinatra (1.3.2)
      rack (~> 1.3, >= 1.3.6)
      rack-protection (~> 1.2)
      tilt (~> 1.3, >= 1.3.3)
    sinatra-contrib (1.3.1)
      backports (>= 2.0)
      eventmachine
      rack-protection
      rack-test
      sinatra (~> 1.3.0)
      tilt (~> 1.3)
    sprockets (2.4.5)
      hike (~> 1.2)
      multi_json (~> 1.0)
      rack (~> 1.0)
      tilt (~> 1.1, != 1.3.0)
    sprockets-helpers (0.6.1)
      sprockets (~> 2.0)
    therubyracer (0.10.1)
      libv8 (~> 3.3.10)
    tilt (1.3.3)
    unicorn (4.3.1)
      kgio (~> 2.6)
      rack
      raindrops (~> 0.7)

PLATFORMS
  ruby

DEPENDENCIES
  activesupport
  capistrano
  capistrano-unicorn
  capistrano_colors
  coffee-script
  em-websocket
  eventmachine
  haml
  less
  rake
  rvm-capistrano
  shotgun
  sinatra
  sinatra-contrib
  sprockets
  sprockets-helpers
  therubyracer
  unicorn
